GIT
  remote: git://github.com/thoughtbot/shoulda-matchers.git
  revision: 656714cf736168090b2c01b109b5799ac1401966
  specs:
    shoulda-matchers (1.4.2)
      activesupport (>= 3.0.0)
      bourne (~> 1.1.2)

GEM
  remote: http://rubygems.org/
  specs:
    actionmailer (3.2.1)
      actionpack (= 3.2.1)
      mail (~> 2.4.0)
    actionpack (3.2.1)
      activemodel (= 3.2.1)
      activesupport (= 3.2.1)
      builder (~> 3.0.0)
      erubis (~> 2.7.0)
      journey (~> 1.0.1)
      rack (~> 1.4.0)
      rack-cache (~> 1.1)
      rack-test (~> 0.6.1)
      sprockets (~> 2.1.2)
    activemodel (3.2.1)
      activesupport (= 3.2.1)
      builder (~> 3.0.0)
    activerecord (3.2.1)
      activemodel (= 3.2.1)
      activesupport (= 3.2.1)
      arel (~> 3.0.0)
      tzinfo (~> 0.3.29)
    activerecord-jdbc-adapter (1.2.2.1)
    activerecord-jdbcpostgresql-adapter (1.2.2.1)
      activerecord-jdbc-adapter (~> 1.2.2.1)
      jdbc-postgres (>= 9.0, < 9.2)
    activerecord-jdbcsqlite3-adapter (1.2.2.1)
      activerecord-jdbc-adapter (~> 1.2.2.1)
      jdbc-sqlite3 (~> 3.7.2)
    activeresource (3.2.1)
      activemodel (= 3.2.1)
      activesupport (= 3.2.1)
    activesupport (3.2.1)
      i18n (~> 0.6)
      multi_json (~> 1.0)
    addressable (2.3.2)
    ansi (1.4.3)
    arel (3.0.2)
    backbone-support (0.3.0)
    blankslate (2.1.2.4)
    bouncy-castle-java (1.5.0146.1)
    bourne (1.1.2)
      mocha (= 0.10.5)
    builder (3.0.4)
    clj (0.0.5.6)
    coffee-rails (3.2.2)
      coffee-script (>= 2.2.0)
      railties (~> 3.2.0)
    coffee-script (2.2.0)
      coffee-script-source
      execjs
    coffee-script-source (1.4.0)
    columnize (0.3.6)
    crack (0.3.1)
    diff-lcs (1.1.3)
    ejs (1.1.1)
    erubis (2.7.0)
    execjs (1.4.0)
      multi_json (~> 1.0)
    factory_girl (4.1.0)
      activesupport (>= 3.0.0)
    factory_girl_generator (0.0.3)
    factory_girl_rails (4.1.0)
      factory_girl (~> 4.1.0)
      railties (>= 3.0.0)
    haml (3.1.7)
    haml-rails (0.3.5)
      actionpack (>= 3.1, < 4.1)
      activesupport (>= 3.1, < 4.1)
      haml (~> 3.1)
      railties (>= 3.1, < 4.1)
    hike (1.2.1)
    i18n (0.6.1)
    jdbc-postgres (9.1.901)
    jdbc-sqlite3 (3.7.2)
    journey (1.0.4)
    jquery-rails (2.1.4)
      railties (>= 3.0, < 5.0)
      thor (>= 0.14, < 2.0)
    jquery-ui-rails (2.0.2)
      jquery-rails
      railties (>= 3.1.0)
    jruby-openssl (0.7.7)
      bouncy-castle-java (>= 1.5.0146.1)
    json (1.7.5-java)
    json_spec (1.1.0)
      multi_json (~> 1.0)
      rspec (~> 2.0)
    mail (2.4.4)
      i18n (>= 0.4.0)
      mime-types (~> 1.16)
      treetop (~> 1.4.8)
    metaclass (0.0.1)
    mime-types (1.19)
    mocha (0.10.5)
      metaclass (~> 0.0.1)
    multi_json (1.0.4)
    polyglot (0.3.3)
    puma (1.6.3-java)
      rack (~> 1.2)
    rack (1.4.1)
    rack-cache (1.2)
      rack (>= 0.4)
    rack-ssl (1.3.2)
      rack
    rack-test (0.6.2)
      rack (>= 1.0)
    rails (3.2.1)
      actionmailer (= 3.2.1)
      actionpack (= 3.2.1)
      activerecord (= 3.2.1)
      activeresource (= 3.2.1)
      activesupport (= 3.2.1)
      bundler (~> 1.0)
      railties (= 3.2.1)
    rails-backbone (0.8.0)
      coffee-script (~> 2.2.0)
      ejs (~> 1.1.1)
      jquery-rails (~> 2.1.3)
      railties (>= 3.1.0)
    railties (3.2.1)
      actionpack (= 3.2.1)
      activesupport (= 3.2.1)
      rack-ssl (~> 1.3.2)
      rake (>= 0.8.7)
      rdoc (~> 3.4)
      thor (~> 0.14.6)
    rake (0.9.5)
    rdoc (3.12)
      json (~> 1.4)
    rspec (2.12.0)
      rspec-core (~> 2.12.0)
      rspec-expectations (~> 2.12.0)
      rspec-mocks (~> 2.12.0)
    rspec-core (2.12.1)
    rspec-expectations (2.12.0)
      diff-lcs (~> 1.1.3)
    rspec-mocks (2.12.0)
    rspec-rails (2.12.0)
      actionpack (>= 3.0)
      activesupport (>= 3.0)
      railties (>= 3.0)
      rspec-core (~> 2.12.0)
      rspec-expectations (~> 2.12.0)
      rspec-mocks (~> 2.12.0)
    ruby-debug (0.10.4)
      columnize (>= 0.1)
      ruby-debug-base (~> 0.10.4.0)
    ruby-debug-base (0.10.4-java)
    sass (3.2.3)
    sass-rails (3.2.5)
      railties (~> 3.2.0)
      sass (>= 3.1.10)
      tilt (~> 1.3)
    shoulda (3.3.2)
      shoulda-context (~> 1.0.1)
      shoulda-matchers (~> 1.4.1)
    shoulda-context (1.0.1)
    simplecov (0.5.4)
      multi_json (~> 1.0.3)
      simplecov-html (~> 0.5.3)
    simplecov-html (0.5.3)
    sprockets (2.1.3)
      hike (~> 1.2)
      rack (~> 1.0)
      tilt (~> 1.1, != 1.3.0)
    thor (0.14.6)
    tilt (1.3.3)
    torquebox (2.1.2)
      thor (>= 0.14.6)
      torquebox-cache (= 2.1.2)
      torquebox-configure (= 2.1.2)
      torquebox-core (= 2.1.2)
      torquebox-messaging (= 2.1.2)
      torquebox-naming (= 2.1.2)
      torquebox-rake-support (= 2.1.2)
      torquebox-security (= 2.1.2)
      torquebox-stomp (= 2.1.2)
      torquebox-transactions (= 2.1.2)
      torquebox-web (= 2.1.2)
    torquebox-cache (2.1.2-java)
      torquebox-core (= 2.1.2)
      torquebox-transactions (= 2.1.2)
    torquebox-configure (2.1.2-java)
      blankslate (= 2.1.2.4)
    torquebox-core (2.1.2-java)
    torquebox-messaging (2.1.2-java)
      clj (= 0.0.5.6)
      torquebox-core (= 2.1.2)
      torquebox-transactions (= 2.1.2)
    torquebox-naming (2.1.2-java)
    torquebox-rake-support (2.1.2)
      rake (>= 0.8.7, < 1.0.0)
    torquebox-security (2.1.2-java)
      torquebox-core (= 2.1.2)
    torquebox-stomp (2.1.2)
      torquebox-core (= 2.1.2)
      torquebox-messaging (= 2.1.2)
    torquebox-transactions (2.1.2)
      torquebox-core (= 2.1.2)
    torquebox-web (2.1.2-java)
    treetop (1.4.12)
      polyglot
      polyglot (>= 0.3.1)
    turn (0.8.2)
      ansi (>= 1.2.2)
    tzinfo (0.3.35)
    uglifier (1.3.0)
      execjs (>= 0.3.0)
      multi_json (~> 1.0, >= 1.0.2)
    webmock (1.9.0)
      addressable (>= 2.2.7)
      crack (>= 0.1.7)

PLATFORMS
  java

DEPENDENCIES
  activerecord-jdbcpostgresql-adapter
  activerecord-jdbcsqlite3-adapter
  backbone-support (>= 0.2.0)
  coffee-rails (~> 3.2.1)
  factory_girl_generator (>= 0.0.1)
  factory_girl_rails (>= 1.0.1)
  haml-rails (>= 0.3.4)
  jdbc-postgres
  jdbc-sqlite3
  jquery-rails (>= 0.2.7)
  jquery-ui-rails
  jruby-openssl
  json_spec
  puma
  rails (= 3.2.1)
  rails-backbone (>= 0.5.3)
  rspec-rails (>= 2.5.0)
  ruby-debug
  ruby-debug-base
  sass-rails (~> 3.2.3)
  shoulda
  shoulda-matchers!
  simplecov (= 0.5.4)
  torquebox (= 2.1.2)
  torquebox-rake-support (= 2.1.2)
  turn (= 0.8.2)
  uglifier (>= 1.0.3)
  webmock
